GIT
  remote: https://github.com/freeformz/scrolls.git
  revision: 6fb5a597f6299f5fdc3e0b8516693dcfc2be9f22
  branch: no_timeout
  specs:
    scrolls (0.2.3.pre)

GEM
  specs:
    atomic (1.0.0)
    diff-lcs (1.1.3)
    pg (0.14.1)
    rspec (2.11.0)
      rspec-core (~> 2.11.0)
      rspec-expectations (~> 2.11.0)
      rspec-mocks (~> 2.11.0)
    rspec-core (2.11.1)
    rspec-expectations (2.11.2)
      diff-lcs (~> 1.1.3)
    rspec-mocks (2.11.2)

PLATFORMS
  ruby

DEPENDENCIES
  atomic
  pg
  rspec
  scrolls!
